PATH
  remote: .
  specs:
    advent_of_ruby (0.0.0)
      dotenv (~> 3.0)
      httparty (~> 0.22)
      pastel (~> 0.8)
      reverse_markdown (~> 2.0)
      rspec (~> 3.0)
      thor (~> 1.0)

GEM
  remote: https://rubygems.org/
  specs:
    bigdecimal (3.1.8)
    csv (3.3.0)
    diff-lcs (1.5.1)
    dotenv (3.1.2)
    httparty (0.22.0)
      csv
      mini_mime (>= 1.0.0)
      multi_xml (>= 0.5.2)
    mini_mime (1.1.5)
    multi_xml (0.7.1)
      bigdecimal (~> 3.1)
    nokogiri (1.16.7-arm64-darwin)
      racc (~> 1.4)
    pastel (0.8.0)
      tty-color (~> 0.5)
    racc (1.8.1)
    reverse_markdown (2.1.1)
      nokogiri
    rspec (3.13.0)
      rspec-core (~> 3.13.0)
      rspec-expectations (~> 3.13.0)
      rspec-mocks (~> 3.13.0)
    rspec-core (3.13.1)
      rspec-support (~> 3.13.0)
    rspec-expectations (3.13.3)
      diff-lcs (>= 1.2.0, < 2.0)
      rspec-support (~> 3.13.0)
    rspec-mocks (3.13.2)
      diff-lcs (>= 1.2.0, < 2.0)
      rspec-support (~> 3.13.0)
    rspec-support (3.13.1)
    thor (1.3.2)
    tty-color (0.6.0)

PLATFORMS
  aarch64-linux
  arm-linux
  arm64-darwin
  x86-linux
  x86_64-darwin
  x86_64-linux

DEPENDENCIES
  advent_of_ruby!

RUBY VERSION
   ruby 3.3.0p0

BUNDLED WITH
   2.5.15
